NUGET
  remote: https://www.nuget.org/api/v2
    Argu (3.2)
    Expecto (3.2.1)
      Argu (>= 3.2)
      FSharp.Core (>= 3.1.2.5)
      Mono.Cecil (>= 0.9.6.4)
    Expecto.FsCheck (3.2)
      Expecto (>= 3.2)
      FsCheck (>= 2.6.2)
      FSharp.Core (>= 3.1.2.5)
    FAKE (4.50)
    FsCheck (2.7)
      FSharp.Core (>= 3.1.2.5)
    FSharp.Core (4.0.0.1)
    Mono.Cecil (0.9.6.4)
